GEM
  remote: https://rubygems.org/
  specs:
    diff-lcs (1.2.5)
    facter (1.6.18)
    hiera (1.3.2)
      json_pure
    highline (1.6.21)
    json_pure (1.8.1)
    librarian (0.1.2)
      highline
      thor (~> 0.15)
    librarian-puppet-maestrodev (0.9.11.6)
      librarian (>= 0.1.1)
    metaclass (0.0.4)
    mocha (1.1.0)
      metaclass (~> 0.0.1)
    parallel (1.0.0)
    parallel_tests (0.16.10)
      parallel
    puppet (3.1.1)
      facter (~> 1.6)
      hiera (~> 1.0)
    puppet-lint (0.3.2)
    puppet-syntax (1.2.0)
      puppet (>= 2.7.0)
      rake
    puppetlabs_spec_helper (0.4.1)
      mocha (>= 0.10.5)
      rake
      rspec (>= 2.9.0)
      rspec-puppet (>= 0.1.1)
    rake (10.3.2)
    rspec (2.14.1)
      rspec-core (~> 2.14.0)
      rspec-expectations (~> 2.14.0)
      rspec-mocks (~> 2.14.0)
    rspec-core (2.14.8)
    rspec-expectations (2.14.5)
      diff-lcs (>= 1.1.3, < 2.0)
    rspec-mocks (2.14.6)
    rspec-puppet (0.1.6)
      rspec
    thor (0.19.1)

PLATFORMS
  ruby

DEPENDENCIES
  facter (~> 1.6.0)
  librarian-puppet-maestrodev
  parallel (~> 1.0.0)
  parallel_tests (~> 0.16.10)
  puppet (~> 3.1.0)
  puppet-lint (~> 0.3.0)
  puppet-syntax
  puppetlabs_spec_helper (~> 0.4.0)
  rake
  rspec-puppet (~> 0.1.0)
